GEM
  remote: https://rubygems.org/
  specs:
    activemodel (3.2.17)
      activesupport (= 3.2.17)
      builder (~> 3.0.0)
    activerecord (3.2.17)
      activemodel (= 3.2.17)
      activesupport (= 3.2.17)
      arel (~> 3.0.2)
      tzinfo (~> 0.3.29)
    activesupport (3.2.17)
      i18n (~> 0.6, >= 0.6.4)
      multi_json (~> 1.0)
    arel (3.0.3)
    builder (3.0.4)
    byebug (10.0.2)
    coderay (1.1.2)
    concurrent-ruby (1.1.3)
    i18n (0.9.5)
      concurrent-ruby (~> 1.0)
    method_source (0.9.2)
    multi_json (1.13.1)
    mustermann (1.0.3)
    pry (0.12.2)
      coderay (~> 1.1.0)
      method_source (~> 0.9.0)
    pry-byebug (3.6.0)
      byebug (~> 10.0)
      pry (~> 0.10)
    rack (2.0.6)
    rack-protection (2.0.4)
      rack
    rake (12.3.1)
    sinatra (2.0.4)
      mustermann (~> 1.0)
      rack (~> 2.0)
      rack-protection (= 2.0.4)
      tilt (~> 2.0)
    sinatra-activerecord (2.0.13)
      activerecord (>= 3.2)
      sinatra (>= 1.0)
    sqlite3 (1.3.13-x86-mingw32)
    tilt (2.0.8)
    tzinfo (0.3.55)

PLATFORMS
  x86-mingw32

DEPENDENCIES
  activerecord (= 3.2.17)
  pry
  pry-byebug
  rake
  sinatra
  sinatra-activerecord
  sqlite3

BUNDLED WITH
   1.16.2
